PATH
  remote: .
  specs:
    asynchrony (0.0.1)
      faraday
      retries

GEM
  remote: https://gems.covermymeds.com/
  specs:
    activesupport (4.2.0)
      i18n (~> 0.7)
      json (~> 1.7, >= 1.7.7)
      minitest (~> 5.1)
      thread_safe (~> 0.3, >= 0.3.4)
      tzinfo (~> 1.1)
    addressable (2.3.7)
    american_date (1.1.0)
    andand (1.3.3)
    byebug (3.5.1)
      columnize (~> 0.8)
      debugger-linecache (~> 1.2)
      slop (~> 3.6)
    caseconverter (0.1.1)
    coderay (1.1.0)
    columnize (0.9.0)
    crack (0.4.2)
      safe_yaml (~> 1.0.0)
    debugger-linecache (1.2.0)
    faraday (0.9.1)
      multipart-post (>= 1.2, < 3)
    gem-release (0.7.3)
    hashie (3.4.0)
    i18n (0.7.0)
    json (1.8.2)
    junklet (0.9.2)
    method_source (0.8.2)
    mini_portile (0.6.2)
    minitest (5.5.1)
    multipart-post (2.0.0)
    ncpdp_epa (0.23.0)
      activesupport
      american_date
      andand
      hashie
      nokogiri-happymapper (~> 0.5.9)
    nokogiri (1.6.6.2)
      mini_portile (~> 0.6.0)
    nokogiri-happymapper (0.5.9)
      nokogiri (~> 1.5)
    pry (0.10.1)
      coderay (~> 1.1.0)
      method_source (~> 0.8.1)
      slop (~> 3.4)
    pry-byebug (3.0.1)
      byebug (~> 3.4)
      pry (~> 0.10)
    rdoc (4.2.0)
      json (~> 1.4)
    require_all (1.3.2)
    retries (0.0.5)
    safe_yaml (1.0.4)
    sdoc (0.4.1)
      json (~> 1.7, >= 1.7.7)
      rdoc (~> 4.0)
    slop (3.6.0)
    thread_safe (0.3.4)
    tzinfo (1.2.2)
      thread_safe (~> 0.1)
    webmock (1.20.4)
      addressable (>= 2.3.6)
      crack (>= 0.3.2)
    xml_generator (0.1.1)
      activesupport
      andand
      caseconverter
      hashie
      ncpdp_epa (>= 0.14.0)
      require_all

PLATFORMS
  ruby

DEPENDENCIES
  asynchrony!
  gem-release
  junklet
  pry-byebug
  sdoc
  webmock
  xml_generator
